GEM
  remote: http://rubygems.org/
  specs:
    mail (2.6.1)
      mime-types (>= 1.16, < 3)
    mime-types (2.3)

PLATFORMS
  ruby

DEPENDENCIES
  mail
